PATH
  remote: .
  specs:
    pry-byebug (3.10.0)
      byebug (~> 11.0)
      pry (>= 0.13, < 0.15)

GEM
  remote: https://rubygems.org/
  specs:
    addressable (2.8.0)
      public_suffix (>= 2.0.2, < 5.0)
    ast (2.4.2)
    byebug (11.1.3)
    chandler (0.9.0)
      netrc
      octokit (>= 2.2.0)
    chef-utils (16.4.41)
    coderay (1.1.3)
    faraday (1.0.0)
      multipart-post (>= 1.2, < 3)
    json (2.6.2)
    kramdown (2.3.1)
      rexml
    kramdown-parser-gfm (1.1.0)
      kramdown (~> 2.0)
    mdl (0.11.0)
      kramdown (~> 2.3)
      kramdown-parser-gfm (~> 1.1)
      mixlib-cli (~> 2.1, >= 2.1.1)
      mixlib-config (>= 2.2.1, < 4)
      mixlib-shellout
    method_source (1.0.0)
    minitest (5.14.4)
    minitest-bisect (1.6.0)
      minitest-server (~> 1.0)
      path_expander (~> 1.1)
    minitest-server (1.0.6)
      minitest (~> 5.0)
    mixlib-cli (2.1.8)
    mixlib-config (3.0.9)
      tomlrb
    mixlib-shellout (3.1.4)
      chef-utils
    multipart-post (2.1.1)
    netrc (0.11.0)
    octokit (4.15.0)
      faraday (>= 0.9)
      sawyer (~> 0.8.0, >= 0.5.3)
    parallel (1.22.1)
    parser (3.1.2.1)
      ast (~> 2.4.1)
    path_expander (1.1.1)
    pry (0.14.1)
      coderay (~> 1.1)
      method_source (~> 1.0)
    public_suffix (4.0.7)
    rainbow (3.1.1)
    rake (13.0.6)
    regexp_parser (2.5.0)
    rexml (3.2.5)
    rubocop (1.35.0)
      json (~> 2.3)
      parallel (~> 1.10)
      parser (>= 3.1.2.1)
      rainbow (>= 2.2.2, < 4.0)
      regexp_parser (>= 1.8, < 3.0)
      rexml (>= 3.2.5, < 4.0)
      rubocop-ast (>= 1.20.1, < 2.0)
      ruby-progressbar (~> 1.7)
      unicode-display_width (>= 1.4.0, < 3.0)
    rubocop-ast (1.21.0)
      parser (>= 3.1.1.0)
    ruby-progressbar (1.11.0)
    sawyer (0.8.2)
      addressable (>= 2.3.5)
      faraday (> 0.8, < 2.0)
    tomlrb (1.3.0)
    unicode-display_width (2.2.0)

PLATFORMS
  ruby

DEPENDENCIES
  chandler (= 0.9.0)
  mdl (= 0.11.0)
  minitest (~> 5.14)
  minitest-bisect (~> 1.5)
  pry-byebug!
  rake (~> 13.0)
  rubocop (~> 1.0)

BUNDLED WITH
   2.3.20
